GEM
  remote: http://rubygems.org/
  specs:
    pastebin (2.0.2)

PLATFORMS
  ruby

DEPENDENCIES
  pastebin (~> 2.0)

BUNDLED WITH
   1.13.1
